GEM
  remote: https://rubygems.org/
  specs:
    highline (1.6.21)
    redcarpet (3.2.2)
    sass (3.4.10)
    slim (3.0.1)
      temple (~> 0.7.3)
      tilt (>= 1.3.3, < 2.1)
    temple (0.7.5)
    tilt (2.0.1)
    zip (2.0.2)

PLATFORMS
  ruby

DEPENDENCIES
  highline
  redcarpet
  sass
  slim
  tilt
  zip
